PATH
  remote: .
  specs:
    skrift-x11 (0.1.0)
      pure-x11
      skrift

GEM
  remote: https://rubygems.org/
  specs:
    pure-x11 (0.0.2)
    rake (13.0.6)
    skrift (0.1.0)

PLATFORMS
  x86_64-linux

DEPENDENCIES
  rake (~> 13.0)
  skrift-x11!

BUNDLED WITH
   2.4.19
